PATH
  remote: ../..
  specs:
    angular_xss (0.3.0)
      activesupport
      haml (>= 3.1.5)

GEM
  remote: http://rubygems.org/
  specs:
    actionmailer (2.3.18)
      actionpack (= 2.3.18)
    actionpack (2.3.18)
      activesupport (= 2.3.18)
      rack (~> 1.1.0)
    activerecord (2.3.18)
      activesupport (= 2.3.18)
    activeresource (2.3.18)
      activesupport (= 2.3.18)
    activesupport (2.3.18)
    erubis (2.7.0)
    haml (3.1.5)
    hoe (2.8.0)
      rake (>= 0.8.7)
    rack (1.1.6)
    rails (2.3.18)
      actionmailer (= 2.3.18)
      actionpack (= 2.3.18)
      activerecord (= 2.3.18)
      activeresource (= 2.3.18)
      activesupport (= 2.3.18)
      rake (>= 0.8.3)
    rails_xss (0.5.1)
      erubis (>= 2.6.5)
    rake (10.1.1)
    rspec (1.3.2)
    rspec-rails (1.3.4)
      rack (>= 1.0.0)
      rspec (~> 1.3.1)
    rspec_candy (0.3.1)
      rspec
      sneaky-save
    sneaky-save (0.0.2)
      activerecord (>= 2.3.2)
    sqlite3 (1.3.8)
    test-unit (1.2.3)
      hoe (>= 1.5.1)

PLATFORMS
  ruby

DEPENDENCIES
  angular_xss!
  haml (= 3.1.5)
  hoe (= 2.8.0)
  rails (~> 2.3.10)
  rails_xss
  rspec (< 2)
  rspec-rails (< 2)
  rspec_candy
  sqlite3
  test-unit (= 1.2.3)
